RESTRICTION: == net461
NUGET
  remote: https://www.nuget.org/api/v2
    DockPanelSuite (3.0.1)
    FSharp.Core (4.3.2)
    FSharp.Data (2.4.2)
    FsPickler (4.0)
      FSharp.Core (>= 3.1)
    FsPickler.Json (4.0)
      FSharp.Core (>= 3.1)
      FsPickler (4.0)
      Newtonsoft.Json (>= 6.0.5)
    Newtonsoft.Json (10.0.3)
    NUnit (3.8.1)
    NUnit.Console (3.7)
      NUnit.ConsoleRunner (>= 3.7)
      NUnit.Extension.NUnitProjectLoader (>= 3.5)
      NUnit.Extension.NUnitV2Driver (>= 3.6)
      NUnit.Extension.NUnitV2ResultWriter (>= 3.5)
      NUnit.Extension.TeamCityEventListener (>= 1.0.2)
      NUnit.Extension.VSProjectLoader (>= 3.5)
    NUnit.ConsoleRunner (3.7)
    NUnit.Extension.NUnitProjectLoader (3.6)
    NUnit.Extension.NUnitV2Driver (3.7)
    NUnit.Extension.NUnitV2ResultWriter (3.6)
    NUnit.Extension.TeamCityEventListener (1.0.2)
    NUnit.Extension.VSProjectLoader (3.6)
    NUnit3TestAdapter (3.8)
    SourceGrid (4.4)
GITHUB
  remote: fsprojects/FsUnit
    src/FsUnit.NUnit/FsUnitTyped.fs (4c0812f4b96de85cc20f02fca87f852735e2eaeb)